PATH
  remote: .
  specs:
    webmock-net-http-pipeline (1.0.0)
      webmock (~> 1.8)

GEM
  remote: https://rubygems.org/
  specs:
    addressable (2.8.1)
      public_suffix (>= 2.0.2, < 6.0)
    crack (0.4.2)
      safe_yaml (~> 1.0.0)
    minitest (5.7.0)
    public_suffix (5.0.0)
    rake (10.4.2)
    safe_yaml (1.0.4)
    webmock (1.21.0)
      addressable (>= 2.3.6)
      crack (>= 0.3.2)

PLATFORMS
  ruby

DEPENDENCIES
  bundler (~> 1.5)
  minitest
  rake
  webmock-net-http-pipeline!

BUNDLED WITH
   1.10.6
